GIT
  remote: git://github.com/loganh0522/msgraph-sdk-ruby.git
  revision: bb07b7cf50282be7655d3cc9e4aa4dda6d981724
  specs:
    microsoft_graph (0.1.3)
      nokogiri (~> 1.8.0)

GIT
  remote: git://github.com/thedarkone/rails-dev-boost.git
  revision: a709a10b06b7d9fc4a9846bc613c60c86af9dd7c
  specs:
    rails-dev-boost (0.3.0)
      railties (>= 3.0)

GEM
  remote: https://rubygems.org/
  specs:
    actionmailer (4.2.8)
      actionpack (= 4.2.8)
      actionview (= 4.2.8)
      activejob (= 4.2.8)
      mail (~> 2.5, >= 2.5.4)
      rails-dom-testing (~> 1.0, >= 1.0.5)
    actionpack (4.2.8)
      actionview (= 4.2.8)
      activesupport (= 4.2.8)
      rack (~> 1.6)
      rack-test (~> 0.6.2)
      rails-dom-testing (~> 1.0, >= 1.0.5)
      rails-html-sanitizer (~> 1.0, >= 1.0.2)
    actionview (4.2.8)
      activesupport (= 4.2.8)
      builder (~> 3.1)
      erubis (~> 2.7.0)
      rails-dom-testing (~> 1.0, >= 1.0.5)
      rails-html-sanitizer (~> 1.0, >= 1.0.3)
    activejob (4.2.8)
      activesupport (= 4.2.8)
      globalid (>= 0.3.0)
    activemodel (4.2.8)
      activesupport (= 4.2.8)
      builder (~> 3.1)
    activerecord (4.2.8)
      activemodel (= 4.2.8)
      activesupport (= 4.2.8)
      arel (~> 6.0)
    activerecord-session_store (1.1.0)
      actionpack (>= 4.0, < 5.2)
      activerecord (>= 4.0, < 5.2)
      multi_json (~> 1.11, >= 1.11.2)
      rack (>= 1.5.2, < 3)
      railties (>= 4.0, < 5.2)
    activesupport (4.2.8)
      i18n (~> 0.7)
      minitest (~> 5.1)
      thread_safe (~> 0.3, >= 0.3.4)
      tzinfo (~> 1.1)
    addressable (2.5.2)
      public_suffix (>= 2.0.2, < 4.0)
    arel (6.0.4)
    autoprefixer-rails (7.1.3)
      execjs
    aws-sdk (2.10.40)
      aws-sdk-resources (= 2.10.40)
    aws-sdk-core (2.10.40)
      aws-sigv4 (~> 1.0)
      jmespath (~> 1.0)
    aws-sdk-resources (2.10.40)
      aws-sdk-core (= 2.10.40)
    aws-sigv4 (1.0.2)
    bcrypt (3.1.11)
    better_errors (2.2.0)
      coderay (>= 1.0.0)
      erubis (>= 2.6.6)
      rack (>= 0.9.0)
    binding_of_caller (0.7.2)
      debug_inspector (>= 0.0.1)
    bootstrap-colorpicker-rails (0.4.0)
      railties (>= 4.0)
    bootstrap-sass (3.3.5.1)
      autoprefixer-rails (>= 5.0.0.1)
      sass (>= 3.3.0)
    bootstrap_form (2.7.0)
    builder (3.2.3)
    carrierwave (1.1.0)
      activemodel (>= 4.0.0)
      activesupport (>= 4.0.0)
      mime-types (>= 1.16)
    carrierwave-aws (1.2.0)
      aws-sdk (~> 2.1)
      carrierwave (>= 0.7, < 2.0)
    coderay (1.1.2)
    coffee-rails (4.1.1)
      coffee-script (>= 2.2.0)
      railties (>= 4.0.0, < 5.1.x)
    coffee-script (2.4.1)
      coffee-script-source
      execjs
    coffee-script-source (1.12.2)
    coffee_routes (1.1.1)
      actionpack (>= 3.2)
    concurrent-ruby (1.0.5)
    connection_pool (2.2.1)
    crack (0.4.3)
      safe_yaml (~> 1.0.0)
    crass (1.0.2)
    database_cleaner (1.2.0)
    debug_inspector (0.0.3)
    declarative_authorization (0.5.7)
    diff-lcs (1.3)
    dropzonejs-rails (0.8.1)
      rails (> 3.1)
    elasticsearch (5.0.4)
      elasticsearch-api (= 5.0.4)
      elasticsearch-transport (= 5.0.4)
    elasticsearch-api (5.0.4)
      multi_json
    elasticsearch-model (5.0.1)
      activesupport (> 3)
      elasticsearch (~> 5)
      hashie
    elasticsearch-rails (5.0.1)
    elasticsearch-transport (5.0.4)
      faraday
      multi_json
    erubis (2.7.0)
    execjs (2.7.0)
    fabrication (2.16.3)
    faker (1.8.4)
      i18n (~> 0.5)
    faraday (0.12.2)
      multipart-post (>= 1.2, < 3)
    ffi (1.9.18)
    figaro (1.1.1)
      thor (~> 0.14)
    font-awesome-rails (4.7.0.2)
      railties (>= 3.2, < 5.2)
    geocomplete_rails (1.7.0)
      railties (>= 3.1)
    globalid (0.4.0)
      activesupport (>= 4.2.0)
    google-api-client (0.9)
      activesupport (>= 3.2)
      addressable (~> 2.3)
      googleauth (~> 0.5)
      httpclient (~> 2.7)
      hurley (~> 0.1)
      memoist (~> 0.11)
      mime-types (>= 1.6)
      multi_json (~> 1.11)
      representable (~> 2.3.0)
      retriable (~> 2.0)
      thor (~> 0.19)
    google-cloud-core (1.0.0)
      google-cloud-env (~> 1.0)
      googleauth (~> 0.5.1)
    google-cloud-env (1.0.1)
      faraday (~> 0.11)
    google-cloud-pubsub (0.27.0)
      concurrent-ruby (~> 1.0)
      google-cloud-core (~> 1.0)
      google-gax (~> 0.8.0)
      grpc (~> 1.1)
      grpc-google-iam-v1 (~> 0.6.8)
    google-gax (0.8.7)
      google-protobuf (~> 3.2)
      googleapis-common-protos (~> 1.3.5)
      googleauth (~> 0.5.1)
      grpc (~> 1.0)
      rly (~> 0.2.3)
    google-protobuf (3.4.0.2)
    googleapis-common-protos (1.3.5)
      google-protobuf (~> 3.2)
      grpc (~> 1.0)
    googleauth (0.5.3)
      faraday (~> 0.12)
      jwt (~> 1.4)
      logging (~> 2.0)
      memoist (~> 0.12)
      multi_json (~> 1.11)
      os (~> 0.9)
      signet (~> 0.7)
    googlecharts (1.6.12)
    googledocviewer (1.7.5)
      jquery-rails
    grpc (1.6.0)
      google-protobuf (~> 3.1)
      googleauth (~> 0.5.1)
    grpc-google-iam-v1 (0.6.8)
      googleapis-common-protos (~> 1.3.1)
      googleauth (~> 0.5.1)
      grpc (~> 1.0)
    haml (5.0.2)
      temple (>= 0.8.0)
      tilt
    haml-rails (1.0.0)
      actionpack (>= 4.0.1)
      activesupport (>= 4.0.1)
      haml (>= 4.0.6, < 6.0)
      html2haml (>= 1.0.1)
      railties (>= 4.0.1)
    hashdiff (0.3.6)
    hashie (3.5.6)
    html2haml (2.2.0)
      erubis (~> 2.7.0)
      haml (>= 4.0, < 6)
      nokogiri (>= 1.6.0)
      ruby_parser (~> 3.5)
    httpclient (2.8.3)
    hurley (0.2)
    i18n (0.8.6)
    jbuilder (2.7.0)
      activesupport (>= 4.2.0)
      multi_json (>= 1.2)
    jcrop-rails-v2 (0.9.12.3)
    jmespath (1.3.1)
    jquery-fileupload-rails (0.4.7)
      actionpack (>= 3.1)
      railties (>= 3.1)
      sass (>= 3.2)
    jquery-rails (4.3.1)
      rails-dom-testing (>= 1, < 3)
      railties (>= 4.2.0)
      thor (>= 0.14, < 2.0)
    jquery-timepicker-rails (1.11.10)
      railties (>= 3.1.0)
    jquery-ui-rails (6.0.1)
      railties (>= 3.2.16)
    json (1.8.6)
    jwt (1.5.6)
    launchy (2.4.3)
      addressable (~> 2.3)
    letter_opener (1.4.1)
      launchy (~> 2.2)
    liquid (3.0.6)
    little-plugger (1.1.4)
    logging (2.2.2)
      little-plugger (~> 1.1)
      multi_json (~> 1.10)
    loofah (2.1.1)
      crass (~> 1.0.2)
      nokogiri (>= 1.5.9)
    mail (2.6.6)
      mime-types (>= 1.16, < 4)
    memoist (0.16.0)
    method_source (0.8.2)
    mime-types (3.1)
      mime-types-data (~> 3.2015)
    mime-types-data (3.2016.0521)
    mini_magick (4.8.0)
    mini_portile2 (2.3.0)
    minitest (5.10.3)
    multi_json (1.12.2)
    multi_xml (0.6.0)
    multipart-post (2.0.0)
    newrelic_rpm (4.5.0.337)
    nokogiri (1.8.1)
      mini_portile2 (~> 2.3.0)
    oauth2 (1.4.0)
      faraday (>= 0.8, < 0.13)
      jwt (~> 1.0)
      multi_json (~> 1.3)
      multi_xml (~> 0.5)
      rack (>= 1.2, < 3)
    omniauth (1.2.2)
      hashie (>= 1.2, < 4)
      rack (~> 1.0)
    omniauth-google-oauth2 (0.5.2)
      jwt (~> 1.5)
      multi_json (~> 1.3)
      omniauth (>= 1.1.1)
      omniauth-oauth2 (>= 1.3.1)
    omniauth-oauth2 (1.4.0)
      oauth2 (~> 1.0)
      omniauth (~> 1.2)
    os (0.9.6)
    pg (0.20.0)
    pry (0.10.4)
      coderay (~> 1.1.0)
      method_source (~> 0.8.1)
      slop (~> 3.4)
    pry-nav (0.2.4)
      pry (>= 0.9.10, < 0.11.0)
    public_suffix (3.0.0)
    puma (3.10.0)
    rack (1.6.8)
    rack-protection (2.0.0)
      rack
    rack-test (0.6.3)
      rack (>= 1.0)
    rails (4.2.8)
      actionmailer (= 4.2.8)
      actionpack (= 4.2.8)
      actionview (= 4.2.8)
      activejob (= 4.2.8)
      activemodel (= 4.2.8)
      activerecord (= 4.2.8)
      activesupport (= 4.2.8)
      bundler (>= 1.3.0, < 2.0)
      railties (= 4.2.8)
      sprockets-rails
    rails-deprecated_sanitizer (1.0.3)
      activesupport (>= 4.2.0.alpha)
    rails-dom-testing (1.0.8)
      activesupport (>= 4.2.0.beta, < 5.0)
      nokogiri (~> 1.6)
      rails-deprecated_sanitizer (>= 1.0.1)
    rails-html-sanitizer (1.0.3)
      loofah (~> 2.0)
    rails4-autocomplete (1.1.1)
      rails (>= 3.0)
    rails_12factor (0.0.3)
      rails_serve_static_assets
      rails_stdout_logging
    rails_serve_static_assets (0.0.5)
    rails_stdout_logging (0.0.5)
    railties (4.2.8)
      actionpack (= 4.2.8)
      activesupport (= 4.2.8)
      rake (>= 0.8.7)
      thor (>= 0.18.1, < 2.0)
    rake (12.1.0)
    rb-fsevent (0.10.2)
    rb-inotify (0.9.10)
      ffi (>= 0.5.0, < 2)
    rb-readline (0.5.5)
    rdoc (4.3.0)
    redis (3.3.5)
    remotipart (1.3.1)
    representable (2.3.0)
      uber (~> 0.0.7)
    responders (2.4.0)
      actionpack (>= 4.2.0, < 5.3)
      railties (>= 4.2.0, < 5.3)
    retriable (2.1.0)
    rly (0.2.3)
    rmagick (2.16.0)
    rspec-core (3.6.0)
      rspec-support (~> 3.6.0)
    rspec-expectations (3.6.0)
      diff-lcs (>= 1.2.0, < 2.0)
      rspec-support (~> 3.6.0)
    rspec-mocks (3.6.0)
      diff-lcs (>= 1.2.0, < 2.0)
      rspec-support (~> 3.6.0)
    rspec-rails (3.6.1)
      actionpack (>= 3.0)
      activesupport (>= 3.0)
      railties (>= 3.0)
      rspec-core (~> 3.6.0)
      rspec-expectations (~> 3.6.0)
      rspec-mocks (~> 3.6.0)
      rspec-support (~> 3.6.0)
    rspec-support (3.6.0)
    ruby_parser (3.10.1)
      sexp_processor (~> 4.9)
    safe_yaml (1.0.4)
    sass (3.5.1)
      sass-listen (~> 4.0.0)
    sass-listen (4.0.0)
      rb-fsevent (~> 0.9, >= 0.9.4)
      rb-inotify (~> 0.9, >= 0.9.7)
    sass-rails (5.0.6)
      railties (>= 4.0.0, < 6)
      sass (~> 3.1)
      sprockets (>= 2.8, < 4.0)
      sprockets-rails (>= 2.0, < 4.0)
      tilt (>= 1.1, < 3)
    sdoc (0.4.2)
      json (~> 1.7, >= 1.7.7)
      rdoc (~> 4.0)
    searchkick (2.3.1)
      activemodel (>= 4.1)
      elasticsearch (>= 1)
      hashie
    sexp_processor (4.10.0)
    shoulda-matchers (3.1.2)
      activesupport (>= 4.0.0)
    sidekiq (5.0.4)
      concurrent-ruby (~> 1.0)
      connection_pool (~> 2.2, >= 2.2.0)
      rack-protection (>= 1.5.0)
      redis (~> 3.3, >= 3.3.3)
    signet (0.7.3)
      addressable (~> 2.3)
      faraday (~> 0.9)
      jwt (~> 1.5)
      multi_json (~> 1.10)
    slop (3.6.0)
    sprockets (3.7.1)
      concurrent-ruby (~> 1.0)
      rack (> 1, < 3)
    sprockets-rails (3.2.1)
      actionpack (>= 4.0)
      activesupport (>= 4.0)
      sprockets (>= 3.0.0)
    stripe (3.3.1)
      faraday (~> 0.9)
    stripe_event (1.8.0)
      activesupport (>= 3.1)
      stripe (>= 1.6, < 4.0)
    temple (0.8.0)
    thor (0.20.0)
    thread_safe (0.3.6)
    tilt (2.0.8)
    tinymce-rails (4.6.6)
      railties (>= 3.1.1)
    trix (0.9.10)
      rails
    tzinfo (1.2.3)
      thread_safe (~> 0.1)
    uber (0.0.15)
    uglifier (3.2.0)
      execjs (>= 0.3.0, < 3)
    vcr (3.0.3)
    webmock (3.0.1)
      addressable (>= 2.3.6)
      crack (>= 0.3.2)
      hashdiff
    will_paginate (3.1.6)

PLATFORMS
  ruby

DEPENDENCIES
  activerecord-session_store
  autoprefixer-rails
  bcrypt
  better_errors (~> 2.2.0)
  binding_of_caller
  bootstrap-colorpicker-rails
  bootstrap-sass (~> 3.3.5.1)
  bootstrap_form
  carrierwave
  carrierwave-aws
  coffee-rails (~> 4.1.0)
  coffee_routes
  database_cleaner (= 1.2.0)
  declarative_authorization
  dropzonejs-rails
  elasticsearch-model
  elasticsearch-rails
  fabrication
  faker
  figaro
  font-awesome-rails
  geocomplete_rails
  google-api-client (= 0.9)
  google-cloud-pubsub
  googlecharts
  googledocviewer
  haml-rails
  jbuilder (~> 2.0)
  jcrop-rails-v2
  jquery-fileupload-rails
  jquery-rails
  jquery-timepicker-rails
  jquery-ui-rails
  letter_opener
  liquid (~> 3.0, >= 3.0.6)
  microsoft_graph!
  mini_magick
  newrelic_rpm
  oauth2
  omniauth (~> 1.2.2)
  omniauth-google-oauth2
  pg (= 0.20)
  pry
  pry-nav
  puma (~> 3.9)
  rails (= 4.2.8)
  rails-dev-boost!
  rails4-autocomplete
  rails_12factor
  rb-readline
  remotipart (~> 1.2)
  responders (~> 2.0)
  rmagick
  rspec-rails (~> 3.5, >= 3.5.2)
  sass-rails (~> 5.0.1)
  sdoc (~> 0.4.0)
  searchkick
  shoulda-matchers
  sidekiq
  signet (~> 0.7.3)
  stripe
  stripe_event
  tinymce-rails (~> 4.5)
  trix
  uglifier (>= 1.3.0)
  vcr
  webmock
  will_paginate (~> 3.1.0)

RUBY VERSION
   ruby 2.4.2p198

BUNDLED WITH
   1.15.4
